GEM
  remote: https://rubygems.org/
  specs:
    asciidoctor (1.5.6)
    rake (12.0.0)

PLATFORMS
  ruby

DEPENDENCIES
  asciidoctor
  rake

