GEM
  remote: https://rubygems.org/
  specs:
    asciidoctor (1.5.6.1)
    rake (12.1.0)

PLATFORMS
  ruby

DEPENDENCIES
  asciidoctor
  rake

