GEM
  remote: https://rubygems.org/
  specs:
    asciidoctor (1.5.2)
    rake (10.4.0)

PLATFORMS
  ruby

DEPENDENCIES
  asciidoctor
  rake
