GEM
  remote: https://rubygems.org/
  specs:
    asciidoctor (1.5.8)
    rake (12.3.3)

PLATFORMS
  ruby

DEPENDENCIES
  asciidoctor
  rake
