GEM
  remote: https://rubygems.org/
  specs:
    asciidoctor (1.5.5)
    rake (11.3.0)

PLATFORMS
  ruby

DEPENDENCIES
  asciidoctor
  rake
